GEM
  remote: http://rubygems.org/
  specs:
    diff-lcs (1.2.4)
    googleajax (1.0.1)
      json (>= 1.0.0)
    json (1.8.0)
    rspec (2.13.0)
      rspec-core (~> 2.13.0)
      rspec-expectations (~> 2.13.0)
      rspec-mocks (~> 2.13.0)
    rspec-core (2.13.1)
    rspec-expectations (2.13.0)
      diff-lcs (>= 1.1.3, < 2.0)
    rspec-mocks (2.13.1)
    trollop (1.16.2)

PLATFORMS
  ruby

DEPENDENCIES
  googleajax
  json
  rspec
  trollop
